PATH
  remote: .
  specs:
    nailbat (0.0.0)
      tty-prompt

GEM
  remote: https://rubygems.org/
  specs:
    minitest (5.14.4)
    pastel (0.8.0)
      tty-color (~> 0.5)
    rake (10.5.0)
    tty-color (0.6.0)
    tty-cursor (0.7.1)
    tty-prompt (0.23.1)
      pastel (~> 0.8)
      tty-reader (~> 0.8)
    tty-reader (0.9.0)
      tty-cursor (~> 0.7)
      tty-screen (~> 0.8)
      wisper (~> 2.0)
    tty-screen (0.8.1)
    wisper (2.0.1)

PLATFORMS
  ruby

DEPENDENCIES
  bundler (~> 1.17)
  minitest (~> 5.0)
  nailbat!
  rake (~> 10.0)

BUNDLED WITH
   1.17.2
